GEM
  remote: http://rubygems.org/
  remote: http://gems.github.com/
  remote: http://gemcutter.org/
  specs:
    Ascii85 (1.0.0)
    Selenium (1.1.14)
    SyslogLogger (1.4.0)
      hoe (>= 1.2.0)
    ZenTest (4.5.0)
    abstract (1.0.0)
    actionmailer (2.3.6)
      actionpack (= 2.3.6)
    actionpack (2.3.6)
      activesupport (= 2.3.6)
      rack (~> 1.1.0)
    activerecord (2.3.6)
      activesupport (= 2.3.6)
    activeresource (2.3.6)
      activesupport (= 2.3.6)
    activesupport (2.3.6)
    annotate-models (1.0.4)
    autotest (4.4.6)
      ZenTest (>= 4.4.1)
    autotest-rails (4.1.0)
      ZenTest
    builder (3.0.0)
    calendar_date_select (1.16.2)
    camping (2.1)
      rack (>= 1.0)
    cgi_multipart_eof_fix (2.5.0)
    childprocess (0.1.8)
      ffi (~> 1.0.6)
    columnize (0.3.2)
    commonwatir (1.6.2)
      user-choices
    composite_primary_keys (2.3.5.1)
      activerecord (>= 2.3.5)
    daemon_controller (0.2.6)
    daemons (1.1.2)
    diff-lcs (1.1.2)
    erubis (2.6.6)
      abstract (>= 1.0.0)
    eventmachine (0.12.8)
    faker (0.3.1)
    fastthread (1.0.7)
    ffi (1.0.7)
      rake (>= 0.8.7)
    gem_plugin (0.2.3)
    gettext (2.1.0)
      locale (>= 2.0.5)
    gettext_activerecord (2.1.0)
      activerecord (>= 2.3.2)
      gettext (>= 2.1.0)
    gettext_rails (2.1.0)
      gettext_activerecord (>= 2.1.0)
      locale_rails (>= 2.0.5)
      rails (>= 2.3.2)
    google-spreadsheet-ruby (0.1.2)
      nokogiri (>= 1.4.3.1)
      oauth (>= 0.3.6)
    haml (2.2.2)
    hoe (2.3.2)
      rake (>= 0.8.7)
      rubyforge (>= 1.0.3)
    hoptoad_notifier (2.2.2)
      activesupport
    hpricot (0.8.1)
    httpclient (2.1.5.2)
    i18n (0.4.2)
    jira4r (0.3.0)
      soap4r
    json (1.4.6)
    json_pure (1.4.2)
    laserlemon-vestal_versions (0.8.0)
    linecache (0.43)
    locale (2.0.5)
    locale_rails (2.0.5)
      locale (>= 2.0.5)
    mail (2.2.15)
      activesupport (>= 2.3.6)
      i18n (>= 0.4.0)
      mime-types (~> 1.16)
      treetop (~> 1.4.8)
    mechanize (1.0.0)
      nokogiri (>= 1.2.1)
    memcache-client (1.8.5)
    mime-types (1.16)
    mislav-will_paginate (2.3.11)
    mongrel (1.1.5)
      cgi_multipart_eof_fix (>= 2.4)
      daemons (>= 1.0.3)
      fastthread (>= 1.0.1)
      gem_plugin (>= 0.2.3)
    mysql (2.8.1)
    net-ssh (2.1.4)
    nokogiri (1.4.4)
    oauth (0.4.4)
    passenger (3.0.6)
      daemon_controller (>= 0.2.5)
      fastthread (>= 1.0.1)
      rack
      rake (>= 0.8.1)
    pdf-reader (0.9.1)
      Ascii85 (>= 0.9)
    polyglot (0.3.1)
    pony (1.1)
      mail (> 2.0)
    prawn (0.11.1)
      pdf-reader (>= 0.9.0)
      ttfunk (~> 1.0.0)
    rack (1.1.2)
    rails (2.3.6)
      actionmailer (= 2.3.6)
      actionpack (= 2.3.6)
      activerecord (= 2.3.6)
      activeresource (= 2.3.6)
      activesupport (= 2.3.6)
      rake (>= 0.8.3)
    rak (1.0)
    rake (0.8.7)
    rcov (0.9.9)
    redis (2.1.1)
    rest-client (1.6.1)
      mime-types (>= 1.16)
    rspec (2.1.0)
      rspec-core (~> 2.1.0)
      rspec-expectations (~> 2.1.0)
      rspec-mocks (~> 2.1.0)
    rspec-core (2.1.0)
    rspec-expectations (2.1.0)
      diff-lcs (~> 1.1.2)
    rspec-mocks (2.1.0)
    rspec-rails (2.1.0)
      rspec (~> 2.1.0)
    ruby-debug (0.10.4)
      columnize (>= 0.1)
      ruby-debug-base (~> 0.10.4.0)
    ruby-debug-base (0.10.4)
      linecache (>= 0.3)
    ruby-graphviz (0.9.21)
    ruby-oci8 (2.0.4)
    ruby-ole (1.2.11.1)
    ruby-openid (2.1.8)
    rubyforge (2.0.4)
      json_pure (>= 1.1.7)
    rubyzip (0.9.4)
    s4t-utils (1.0.4)
      hoe (>= 1.3.0)
    searchlogic (2.4.28)
      activerecord (>= 2.0.0)
    selenium-webdriver (0.1.4)
      childprocess (>= 0.1.7)
      ffi (>= 1.0.7)
      json_pure
      rubyzip
    soap4r (1.5.8)
      httpclient (>= 2.1.1)
    spreadsheet (0.6.5.3)
      ruby-ole (>= 1.0)
    starling (0.10.1)
      eventmachine (>= 0.12.0)
      memcache-client (>= 1.7.0)
    test-spec (0.10.0)
    thin (1.2.11)
      daemons (>= 1.0.9)
      eventmachine (>= 0.12.6)
      rack (>= 1.0.0)
    treetop (1.4.9)
      polyglot (>= 0.3.1)
    ttfunk (1.0.1)
    user-choices (1.1.6.1)
      builder (>= 2.1.2)
      s4t-utils (>= 1.0.3)
      xml-simple (>= 1.0.11)
    w3c_validators (1.0.2)
    xml-simple (1.0.12)

PLATFORMS
  ruby

DEPENDENCIES
  Selenium
  SyslogLogger
  annotate-models
  autotest
  autotest-rails
  calendar_date_select
  camping
  commonwatir (= 1.6.2)
  composite_primary_keys
  daemons
  erubis (= 2.6.6)
  eventmachine (= 0.12.8)
  faker (= 0.3.1)
  gettext
  gettext_activerecord
  gettext_rails
  google-spreadsheet-ruby
  haml (= 2.2.2)
  hoe (= 2.3.2)
  hoptoad_notifier (= 2.2.2)
  hpricot (= 0.8.1)
  httpclient (= 2.1.5.2)
  i18n (= 0.4.2)
  jira4r (= 0.3.0)
  json (= 1.4.6)
  json_pure (= 1.4.2)
  laserlemon-vestal_versions
  linecache (= 0.43)
  locale
  locale_rails (= 2.0.5)
  mail
  mechanize
  memcache-client
  mime-types (= 1.16)
  mislav-will_paginate
  mongrel
  mysql
  net-ssh
  nokogiri
  oauth (= 0.4.4)
  passenger
  polyglot
  pony
  prawn
  rails (= 2.3.6)
  rak
  rake
  rcov
  redis (= 2.1.1)
  rest-client (= 1.6.1)
  rspec
  rspec-rails
  ruby-debug
  ruby-graphviz
  ruby-oci8
  ruby-ole
  ruby-openid
  rubyforge
  s4t-utils
  searchlogic
  selenium-webdriver
  soap4r (= 1.5.8)
  spreadsheet
  starling
  test-spec
  thin
  treetop
  user-choices
  w3c_validators (= 1.0.2)
  xml-simple (= 1.0.12)
